GEM
  remote: https://rubygems.org/
  specs:
    sorbet (0.5.10461)
      sorbet-static (= 0.5.10461)
    sorbet-static (0.5.10461-universal-darwin-14)

PLATFORMS
  ruby

DEPENDENCIES
  sorbet (~> 0.5.9001)

BUNDLED WITH
   2.0.0.pre.3
